GEM
  remote: https://rubygems.org/
  specs:
    abstract_type (0.0.7)
    adamantium (0.2.0)
      ice_nine (~> 0.11.0)
      memoizable (~> 0.4.0)
    ast (2.3.0)
    concord (0.1.5)
      adamantium (~> 0.2.0)
      equalizer (~> 0.0.9)
    diff-lcs (1.2.5)
    equalizer (0.0.11)
    ice_nine (0.11.2)
    memoizable (0.4.2)
      thread_safe (~> 0.3, >= 0.3.1)
    parser (2.3.1.2)
      ast (~> 2.2)
    procto (0.0.3)
    rspec (3.5.0)
      rspec-core (~> 3.5.0)
      rspec-expectations (~> 3.5.0)
      rspec-mocks (~> 3.5.0)
    rspec-core (3.5.3)
      rspec-support (~> 3.5.0)
    rspec-expectations (3.5.0)
      diff-lcs (>= 1.2.0, < 2.0)
      rspec-support (~> 3.5.0)
    rspec-mocks (3.5.0)
      diff-lcs (>= 1.2.0, < 2.0)
      rspec-support (~> 3.5.0)
    rspec-support (3.5.0)
    thread_safe (0.3.5)
    unparser (0.2.5)
      abstract_type (~> 0.0.7)
      adamantium (~> 0.2.0)
      concord (~> 0.1.5)
      diff-lcs (~> 1.2.5)
      equalizer (~> 0.0.9)
      parser (~> 2.3.0)
      procto (~> 0.0.2)

PLATFORMS
  ruby

DEPENDENCIES
  parser
  rspec
  unparser (~> 0.2.5)

BUNDLED WITH
   1.13.1
